PATH
  remote: .
  specs:
    sunspot-rails-http-basic-auth (0.0.3)
      sunspot_rails (~> 2.0.0)

GEM
  remote: https://rubygems.org/
  specs:
    builder (3.2.0)
    diff-lcs (1.2.4)
    fakeweb (1.3.0)
    nokogiri (1.5.9)
    pr_geohash (1.0.0)
    rsolr (1.0.9)
      builder (>= 2.1.2)
    rspec (2.13.0)
      rspec-core (~> 2.13.0)
      rspec-expectations (~> 2.13.0)
      rspec-mocks (~> 2.13.0)
    rspec-core (2.13.1)
    rspec-expectations (2.13.0)
      diff-lcs (>= 1.1.3, < 2.0)
    rspec-mocks (2.13.1)
    sunspot (2.0.0)
      pr_geohash (~> 1.0)
      rsolr (~> 1.0.7)
    sunspot_rails (2.0.0)
      nokogiri
      sunspot (= 2.0.0)

PLATFORMS
  ruby

DEPENDENCIES
  fakeweb
  rspec (~> 2.5)
  sunspot-rails-http-basic-auth!
